GEM
  remote: https://rubygems.org/
  specs:
    builder (3.2.2)
    gyoku (1.3.1)
      builder (>= 2.1.2)
    innate (2015.10.28)
      rack (~> 1.6.4)
    rack (1.6.4)
    rack-protection (1.5.3)
      rack
    rake (11.2.2)
    ramaze (2012.12.08)
      innate (>= 2012.12)
      rake
    sinatra (1.4.7)
      rack (~> 1.5)
      rack-protection (~> 1.4)
      tilt (>= 1.3, < 3)
    tilt (2.0.5)

PLATFORMS
  ruby

DEPENDENCIES
  gyoku
  ramaze
  sinatra

BUNDLED WITH
   1.12.5
